PATH
  remote: .
  specs:
    options-ruby (1.0.0)

GEM
  remote: https://rubygems.org/
  specs:
    coderay (1.1.2)
    method_source (0.9.1)
    pry (0.12.0)
      coderay (~> 1.1.0)
      method_source (~> 0.9.0)
    rake (10.5.0)

PLATFORMS
  ruby

DEPENDENCIES
  bundler (~> 1.16)
  options-ruby!
  pry
  rake (~> 10.0)

BUNDLED WITH
   1.16.2
